GEM
  remote: http://rubygems.org/
  specs:
    abstract (1.0.0)
    actionmailer (3.0.1)
      actionpack (= 3.0.1)
      mail (~> 2.2.5)
    actionpack (3.0.1)
      activemodel (= 3.0.1)
      activesupport (= 3.0.1)
      builder (~> 2.1.2)
      erubis (~> 2.6.6)
      i18n (~> 0.4.1)
      rack (~> 1.2.1)
      rack-mount (~> 0.6.12)
      rack-test (~> 0.5.4)
      tzinfo (~> 0.3.23)
    activemodel (3.0.1)
      activesupport (= 3.0.1)
      builder (~> 2.1.2)
      i18n (~> 0.4.1)
    activerecord (3.0.1)
      activemodel (= 3.0.1)
      activesupport (= 3.0.1)
      arel (~> 1.0.0)
      tzinfo (~> 0.3.23)
    activeresource (3.0.1)
      activemodel (= 3.0.1)
      activesupport (= 3.0.1)
    activesupport (3.0.1)
    addressable (2.2.4)
    arel (1.0.1)
      activesupport (~> 3.0.0)
    bcrypt-ruby (2.1.4)
    bson (1.0.9)
    bson_ext (1.0.9)
    builder (2.1.2)
    devise (1.1.5)
      bcrypt-ruby (~> 2.1.2)
      warden (~> 1.0.2)
    erubis (2.6.6)
      abstract (>= 1.0.0)
    faraday (0.5.4)
      addressable (~> 2.2.2)
      multipart-post (~> 1.1.0)
      rack (>= 1.1.0, < 2)
    haml (3.0.21)
    hpricot (0.8.3)
    i18n (0.4.1)
    jnunemaker-validatable (1.8.4)
      activesupport (>= 2.3.4)
    magent (0.4.2)
      mongo (>= 0.1.0)
      uuidtools (>= 2.0.0)
    mail (2.2.7)
      activesupport (>= 2.3.6)
      mime-types
      treetop (>= 1.4.5)
    mime-types (1.16)
    mm-devise (1.1.6)
      bcrypt-ruby (~> 2.1.2)
      bson_ext (~> 1.0.4)
      devise (>= 1.1.1)
      jnunemaker-validatable (~> 1.8.1)
      mongo_mapper (~> 0.8.4)
      rails3-generators (>= 0.13.0)
      sugar-high (~> 0.2.10)
      warden (>= 0.10.7)
    mocha (0.9.10)
      rake
    mongo (1.0.9)
      bson (>= 1.0.5)
    mongo_mapper (0.8.4)
      activesupport (>= 2.3.4)
      jnunemaker-validatable (~> 1.8.4)
      plucky (~> 0.3.5)
    mongomapper_ext (0.4.0)
      mongo_mapper (~> 0.8)
      uuidtools (>= 2.0.0)
    multi_json (0.0.5)
    multipart-post (1.1.0)
    oauth2 (0.1.1)
      faraday (~> 0.5.0)
      multi_json (~> 0.0.4)
    plucky (0.3.5)
      mongo (~> 1.0.8)
    polyglot (0.3.1)
    rack (1.2.1)
    rack-mount (0.6.13)
      rack (>= 1.0.0)
    rack-test (0.5.6)
      rack (>= 1.0)
    rails (3.0.1)
      actionmailer (= 3.0.1)
      actionpack (= 3.0.1)
      activerecord (= 3.0.1)
      activeresource (= 3.0.1)
      activesupport (= 3.0.1)
      bundler (~> 1.0.0)
      railties (= 3.0.1)
    rails3-generators (0.17.3)
      railties (>= 3.0.0)
    railties (3.0.1)
      actionpack (= 3.0.1)
      activesupport (= 3.0.1)
      rake (>= 0.8.4)
      thor (~> 0.14.0)
    rake (0.8.7)
    rdiscount (1.6.5)
    require_all (1.2.0)
    ruby-stemmer (0.8.2)
    ruby_parser (2.0.5)
      sexp_processor (~> 3.0)
    sexp_processor (3.0.5)
    sugar-high (0.2.12)
      mocha (~> 0.9.8)
      require_all (~> 1.2.0)
    thor (0.14.3)
    treetop (1.4.8)
      polyglot (>= 0.3.1)
    tzinfo (0.3.23)
    uuidtools (2.1.1)
    warden (1.0.3)
      rack (>= 1.0.0)

PLATFORMS
  ruby

DEPENDENCIES
  bson (= 1.0.9)
  devise (= 1.1.5)
  haml (= 3.0.21)
  hpricot (= 0.8.3)
  jnunemaker-validatable (= 1.8.4)
  magent (= 0.4.2)
  mm-devise (= 1.1.6)
  mongo (= 1.0.9)
  mongo_mapper (= 0.8.4)
  mongomapper_ext (= 0.4.0)
  oauth2 (= 0.1.1)
  rails (= 3.0.1)
  rdiscount (= 1.6.5)
  ruby-stemmer (= 0.8.2)
  ruby_parser (= 2.0.5)
